PATH
  remote: .
  specs:
    slackcat (0.2.6)
      httmultiparty
      trollop

GEM
  remote: https://rubygems.org/
  specs:
    httmultiparty (0.3.16)
      httparty (>= 0.7.3)
      mimemagic
      multipart-post
    httparty (0.14.0)
      multi_xml (>= 0.5.2)
    mimemagic (0.3.2)
    multi_xml (0.5.5)
    multipart-post (2.0.0)
    rake (10.3.2)
    trollop (2.1.2)

PLATFORMS
  ruby

DEPENDENCIES
  bundler (~> 1.3)
  rake
  slackcat!

BUNDLED WITH
   1.12.3
